GEM
  remote: http://rubygems.org/
  specs:
    activemodel (3.2.1)
      activesupport (= 3.2.1)
      builder (~> 3.0.0)
    activesupport (3.2.1)
      i18n (~> 0.6)
      multi_json (~> 1.0)
    bson (1.5.2)
    bson_ext (1.5.2)
      bson (= 1.5.2)
    builder (3.0.0)
    crack (0.3.2)
    em-synchrony (1.0.0)
      eventmachine (>= 1.0.0.beta.1)
    eventmachine (1.0.0.beta.4)
    httparty (0.10.2)
      multi_json (~> 1.0)
      multi_xml (>= 0.5.2)
    i18n (0.6.0)
    jwt (0.1.5)
      multi_json (>= 1.0)
    mongo (1.5.2)
      bson (= 1.5.2)
    mongo_mapper (0.11.0)
      activemodel (~> 3.0)
      activesupport (~> 3.0)
      plucky (~> 0.4.0)
    multi_json (1.0.4)
    multi_xml (0.5.3)
    plucky (0.4.4)
      mongo (~> 1.5)
    rack (1.4.1)
    sinatra (1.0)
      rack (>= 1.0)
    twilio-rb (2.2.2)
      activesupport (>= 3.0.0)
      builder (>= 2.1.2)
      crack (~> 0.3.2)
      httparty (~> 0.10.0)
      i18n (~> 0.5)
      jwt (>= 0.1.3)

PLATFORMS
  ruby

DEPENDENCIES
  bson_ext (= 1.5.2)
  em-synchrony (= 1.0.0)
  mongo_mapper (= 0.11.0)
  sinatra (= 1.0)
  twilio-rb (= 2.2.2)
