GEM
  remote: http://rubygems.org/
  specs:
    activemodel (3.2.1)
      activesupport (= 3.2.1)
      builder (~> 3.0.0)
    activesupport (3.2.1)
      i18n (~> 0.6)
      multi_json (~> 1.0)
    bson (1.5.2)
    builder (3.0.0)
    i18n (0.6.0)
    json (1.6.5)
    jwt (0.1.4)
      json (>= 1.2.4)
    mongo (1.5.2)
      bson (= 1.5.2)
    mongo_mapper (0.11.0)
      activemodel (~> 3.0)
      activesupport (~> 3.0)
      plucky (~> 0.4.0)
    multi_json (1.0.4)
    plucky (0.4.4)
      mongo (~> 1.5)
    rack (1.4.1)
    sinatra (1.0)
      rack (>= 1.0)
    twilio-ruby (3.5.1)
      builder (>= 2.1.2)
      jwt (>= 0.1.2)
      multi_json (>= 1.0.3)

PLATFORMS
  ruby

DEPENDENCIES
  mongo_mapper (= 0.11.0)
  sinatra (= 1.0)
  twilio-ruby (= 3.5.1)
